GEM
  remote: http://rubygems.org/
  specs:
    activemodel (3.2.8)
      activesupport (= 3.2.8)
      builder (~> 3.0.0)
    activerecord (3.2.8)
      activemodel (= 3.2.8)
      activesupport (= 3.2.8)
      arel (~> 3.0.2)
      tzinfo (~> 0.3.29)
    activesupport (3.2.8)
      i18n (~> 0.6)
      multi_json (~> 1.0)
    arel (3.0.2)
    builder (3.0.0)
    escape (0.0.4)
    hpricot (0.8.6)
    htmlentities (4.2.4)
    i18n (0.6.0)
    multi_json (1.3.2)
    mysql (2.8.1)
    nokogiri (1.4.7)
    pr_geohash (1.0.0)
    rack (1.4.1)
    rsolr (0.12.1)
      builder (>= 2.1.2)
    sanitize (2.0.3)
      nokogiri (< 1.6, >= 1.4.4)
    shotgun (0.9)
      rack (>= 1.0)
    sunspot (1.2.1)
      escape (= 0.0.4)
      pr_geohash (~> 1.0)
      rsolr (= 0.12.1)
    tzinfo (0.3.34)

PLATFORMS
  ruby

DEPENDENCIES
  activerecord (= 3.2.8)
  hpricot
  htmlentities
  mysql
  sanitize
  shotgun
  sunspot (~> 1.2.1)
