GEM
  specs:
    activemodel (3.0.6)
      activesupport (= 3.0.6)
      builder (~> 2.1.2)
      i18n (~> 0.5.0)
    activerecord (3.0.6)
      activemodel (= 3.0.6)
      activesupport (= 3.0.6)
      arel (~> 2.0.2)
      tzinfo (~> 0.3.23)
    activesupport (3.0.6)
    arel (2.0.9)
    builder (2.1.2)
    escape (0.0.4)
    hpricot (0.8.6)
    htmlentities (4.2.4)
    i18n (0.5.0)
    mysql (2.8.1)
    nokogiri (1.4.7)
    pr_geohash (1.0.0)
    rack (1.4.1)
    rsolr (0.12.1)
      builder (>= 2.1.2)
    sanitize (2.0.3)
      nokogiri (< 1.6, >= 1.4.4)
    shotgun (0.9)
      rack (>= 1.0)
    sunspot (1.2.1)
      escape (= 0.0.4)
      pr_geohash (~> 1.0)
      rsolr (= 0.12.1)
    tzinfo (0.3.26)

PLATFORMS
  ruby

DEPENDENCIES
  activerecord
  hpricot
  htmlentities
  mysql
  sanitize
  shotgun
  sunspot (~> 1.2.1)
